GEM
  remote: https://rubygems.org/
  specs:
    rouge (2.0.7)
    xcpretty (0.2.7)
      rouge (~> 2.0.7)

PLATFORMS
  ruby

DEPENDENCIES
  xcpretty (~> 0.2.7)

BUNDLED WITH
   1.14.6
